GEM
  remote: https://rubygems.org/
  specs:
    dbf (4.1.3)
    lucky_case (0.2.3)
    ruby-progressbar (1.10.1)
    rubyzip (2.3.0)
    sqlite3 (1.4.2)

PLATFORMS
  ruby

DEPENDENCIES
  dbf
  lucky_case
  ruby-progressbar
  rubyzip
  sqlite3

BUNDLED WITH
   2.1.4
